GEM
  remote: http://rubygems.org/
  specs:
    addressable (2.2.6)
    craigler (1.3.1)
      hpricot (~> 0.8.4)
    diff-lcs (1.1.3)
    faraday (0.7.6)
      addressable (~> 2.2)
      multipart-post (~> 1.1)
      rack (~> 1.1)
    faraday_middleware (0.7.0)
      faraday (~> 0.7.3)
    ffi (1.0.11)
    guard (1.0.0)
      ffi (>= 0.5.0)
      thor (~> 0.14.6)
    guard-rspec (0.6.0)
      guard (>= 0.10.0)
    hashie (1.1.0)
    hpricot (0.8.6)
    multi_json (1.0.4)
    multi_xml (0.4.1)
    multipart-post (1.1.4)
    rack (1.4.1)
    rake (0.9.2.2)
    rspec (2.8.0)
      rspec-core (~> 2.8.0)
      rspec-expectations (~> 2.8.0)
      rspec-mocks (~> 2.8.0)
    rspec-core (2.8.0)
    rspec-expectations (2.8.0)
      diff-lcs (~> 1.1.2)
    rspec-mocks (2.8.0)
    simple_oauth (0.1.5)
    thor (0.14.6)
    twitter (1.7.2)
      faraday (~> 0.7.4)
      faraday_middleware (~> 0.7.0)
      hashie (~> 1.1.0)
      multi_json (~> 1.0.0)
      multi_xml (~> 0.4.0)
      simple_oauth (~> 0.1.5)

PLATFORMS
  ruby

DEPENDENCIES
  craigler
  guard
  guard-rspec
  hpricot
  rake
  rb-fchange
  rb-notifu
  rspec
  twitter (~> 1.7.2)
  win32console
